PATH
  remote: .
  specs:
    staged_job (0.1.0)
      activejob (>= 4.2.7)
      activesupport (>= 4.2.7)

GEM
  remote: https://rubygems.org/
  specs:
    activejob (7.0.8)
      activesupport (= 7.0.8)
      globalid (>= 0.3.6)
    activesupport (7.0.8)
      concurrent-ruby (~> 1.0, >= 1.0.2)
      i18n (>= 1.6, < 2)
      minitest (>= 5.1)
      tzinfo (~> 2.0)
    ansi (1.5.0)
    builder (3.2.4)
    concurrent-ruby (1.2.3)
    globalid (1.2.1)
      activesupport (>= 6.1)
    i18n (1.14.1)
      concurrent-ruby (~> 1.0)
    minitest (5.22.2)
    minitest-bang (1.0.4)
      minitest (>= 4.7.5)
    minitest-reporters (1.6.1)
      ansi
      builder
      minitest (>= 5.0)
      ruby-progressbar
    minitest-stub-const (0.6)
    minitest-sugar (2.1.2)
      minitest (~> 5.0)
    mocha (2.1.0)
      ruby2_keywords (>= 0.0.5)
    rake (13.1.0)
    ruby-progressbar (1.13.0)
    ruby2_keywords (0.0.5)
    tzinfo (2.0.6)
      concurrent-ruby (~> 1.0)

PLATFORMS
  arm64-darwin-23

DEPENDENCIES
  bundler
  minitest (~> 5.22)
  minitest-bang (~> 1.0)
  minitest-reporters (~> 1.6)
  minitest-stub-const (~> 0.6)
  minitest-sugar (~> 2.1)
  mocha (~> 2.1.0)
  rake (~> 13.0)
  staged_job!

BUNDLED WITH
   2.4.19
